GEM
  remote: https://rubygems.org/
  specs:
    amatch (0.4.0)
      mize
      tins (~> 1.0)
    mize (0.3.5)
      protocol
    protocol (1.0.1)
      ruby_parser (~> 3.0)
    ruby_parser (3.11.0)
      sexp_processor (~> 4.9)
    sexp_processor (4.10.1)
    string-similarity (2.0.1)
    terminal-table (1.8.0)
      unicode-display_width (~> 1.1, >= 1.1.1)
    tins (1.16.3)
    trigram (0.0.1)
    unicode-display_width (1.3.0)

PLATFORMS
  ruby

DEPENDENCIES
  amatch
  string-similarity
  terminal-table
  trigram

BUNDLED WITH
   1.16.1
